!INTERFILE :=
!imaging modality := nucmed
;# imaging modality 2 := EMS
!originating system := simind
!version of keys := 3.3
program author := M Ljungberg, Lund University
program version := V8.0
  
!GENERAL DATA :=
original institution := Medical Radiation Physics
contact person := M Ljungberg
!data offset in bytes := 0
!name of data file := simind_frame1_6_tot_w3.a00
patient name := SMC_simind_frame1_6_tot_w3.a00
!study ID := SIMIND
data description := EMISSION
;# Radionuclide := lu177
exam type := EMISSION
!patient ID := SIMIND
  
!GENERAL IMAGE DATA :=
patient position := FFS
patient orientation := head_in
;decay corrected := Y
!type of data := tomographic
study date := 2025:09:30
study time := 22:41:32
imagedata byte order := LITTLEENDIAN
;energy window lower level := 228.80
;energy window upper level := 252.90
!total number of images := 10
!number of energy windows := 1
!matrix size [1] := 128
!matrix size [2] := 334
!number format := short float
!number of bytes per pixel := 4
imagedata byte order := LITTLEENDIAN
scaling factor (mm/pixel) [1] := 5.000000
scaling factor (mm/pixel) [2] := 5.000000
;# Image Position First image := -320.0000 -835.0000 320.000000
;# Image Orientation := 1.0 0.0 0.0 0.0 0.0 -1.0
;# Units of data (ECT) := counts
  
!SPECT STUDY (General) :=
number of detector heads := 1
!extent of rotation := 360
!process status := acquired
!number of projections := 10
!number of images/energy window := 10
!time per projection (sec) := 1.000000
image duration (sec) := 10.000000
maximum pixel count := 0.000000
;# total counts := 0.000000
;# Center of Rotation := 168.000000
  
!SPECT STUDY (acquired data) :=
orbit := circular
;# Radius := 100.000000
acquisition mode := stepped
!direction of rotation := CCW
start angle := 0.000000
;# X_offset := 0.000000
;# Name of Aligned Density Map := simind_frame1_6.hct
;# Name of Aligned transmission study := simind_frame1_6.hct
  
;# SIMIND-SPECIFIC PARAMETERS :=
;# Intrinsic FWHM for the camera := 3.400000
;# Total activity (MBq) in the slices := 1.000000
;# Collimator := si-me
;# Collimator hole diameter := 2.940000
;# Collimator hole septa := 1.140000
;# Collimator thickness := 40.640000
;# SIMIND: Photon Energy := 200.000000
;# Crystal Thickness := 9.530000
;# SIMIND: Time shift := -9999.000000
  
!END OF INTERFILE :=
